PATH
  remote: .
  specs:
    dry-transaction (0.5.0)
      dry-container (>= 0.2.8)
      kleisli
      wisper (>= 1.6.0)

GEM
  remote: https://rubygems.org/
  specs:
    diff-lcs (1.2.5)
    docile (1.1.5)
    dry-configurable (0.1.3)
      thread_safe
    dry-container (0.3.0)
      dry-configurable (~> 0.1, >= 0.1.3)
      thread_safe
    json (1.8.3)
    kleisli (0.2.7)
    rake (10.4.2)
    rspec (3.3.0)
      rspec-core (~> 3.3.0)
      rspec-expectations (~> 3.3.0)
      rspec-mocks (~> 3.3.0)
    rspec-core (3.3.2)
      rspec-support (~> 3.3.0)
    rspec-expectations (3.3.1)
      diff-lcs (>= 1.2.0, < 2.0)
      rspec-support (~> 3.3.0)
    rspec-mocks (3.3.2)
      diff-lcs (>= 1.2.0, < 2.0)
      rspec-support (~> 3.3.0)
    rspec-support (3.3.0)
    simplecov (0.10.0)
      docile (~> 1.1.0)
      json (~> 1.8)
      simplecov-html (~> 0.10.0)
    simplecov-html (0.10.0)
    thread_safe (0.3.5)
    wisper (1.6.1)
    yard (0.8.7.6)

PLATFORMS
  ruby

DEPENDENCIES
  bundler (~> 1.10)
  dry-transaction!
  rake (~> 10.4.2)
  rspec (~> 3.3.0)
  simplecov (~> 0.10.0)
  yard

BUNDLED WITH
   1.11.2
